GIT
  remote: git://github.com/apneadiving/Google-Maps-for-Rails.git
  revision: 3ff52deb455e1077c9f60660486fcd38f78e737f
  specs:
    gmaps4rails (2.0.0.pre)

GIT
  remote: git://github.com/kristianmandrup/sugar-high.git
  revision: a664566b1ae94a404553c2fe2434165e0c5f550b
  specs:
    sugar-high (0.7.3)

GIT
  remote: git://github.com/mongoid/mongoid.git
  revision: c2170560124b95c11f03f0753b0b9cc89ff80719
  specs:
    mongoid (4.0.0)
      activemodel (~> 4.0.0.beta)
      moped (~> 1.4.2)
      origin (~> 1.0)
      tzinfo (~> 0.3.22)

GIT
  remote: git://github.com/rails/rails.git
  revision: b359c5db9f0e7dfb2cbf34362a9b310cf5aadd3a
  specs:
    actionmailer (4.0.0.beta1)
      actionpack (= 4.0.0.beta1)
      mail (~> 2.5.3)
    actionpack (4.0.0.beta1)
      activesupport (= 4.0.0.beta1)
      builder (~> 3.1.0)
      erubis (~> 2.7.0)
      rack (~> 1.5.2)
      rack-test (~> 0.6.2)
    activemodel (4.0.0.beta1)
      activesupport (= 4.0.0.beta1)
      builder (~> 3.1.0)
    activerecord (4.0.0.beta1)
      activemodel (= 4.0.0.beta1)
      activerecord-deprecated_finders (~> 0.0.3)
      activesupport (= 4.0.0.beta1)
      arel (~> 4.0.0.beta1)
    activesupport (4.0.0.beta1)
      i18n (~> 0.6, >= 0.6.4)
      minitest (~> 4.2)
      multi_json (~> 1.3)
      thread_safe (~> 0.1)
      tzinfo (~> 0.3.33)
    rails (4.0.0.beta1)
      actionmailer (= 4.0.0.beta1)
      actionpack (= 4.0.0.beta1)
      activerecord (= 4.0.0.beta1)
      activesupport (= 4.0.0.beta1)
      bundler (>= 1.3.0, < 2.0)
      railties (= 4.0.0.beta1)
      sprockets-rails (~> 2.0.0.rc3)
    railties (4.0.0.beta1)
      actionpack (= 4.0.0.beta1)
      activesupport (= 4.0.0.beta1)
      rake (>= 0.8.7)
      rdoc (~> 3.4)
      thor (>= 0.17.0, < 2.0)

GEM
  remote: http://rubygems.org/
  specs:
    activerecord-deprecated_finders (0.0.3)
    arel (4.0.0.beta1)
    atomic (1.0.1)
    bourne (1.1.2)
      mocha (= 0.10.5)
    builder (3.1.4)
    chronic (0.9.1)
    colorize (0.5.8)
    concerned (0.1.5)
    cutter (0.8.9)
      colorize (>= 0.5)
    database_cleaner (0.9.1)
    delorean (1.1.1)
      chronic
    diff-lcs (1.2.1)
    erubis (2.7.0)
    factory_girl (4.2.0)
      activesupport (>= 3.0.0)
    fakeweb (1.3.0)
    ffaker (1.15.0)
    geocoder (1.1.6)
    git (1.2.5)
    hashie (1.2.0)
    hike (1.2.1)
    i18n (0.6.4)
    jeweler (1.8.4)
      bundler (~> 1.0)
      git (>= 1.2.5)
      rake
      rdoc
    json (1.7.7)
    mail (2.5.3)
      i18n (>= 0.4.0)
      mime-types (~> 1.16)
      treetop (~> 1.4.8)
    metaclass (0.0.1)
    mime-types (1.21)
    minitest (4.6.2)
    mocha (0.10.5)
      metaclass (~> 0.0.1)
    mongoid_geospatial (2.7.2)
      activesupport (>= 3.2)
      mongoid (>= 3.0.0)
    mongoid_indexing (0.1.2)
      mongoid (>= 3)
      moped (>= 1.4)
      rails (>= 3.1)
    moped (1.4.3)
    multi_json (1.6.1)
    origin (1.0.11)
    polyglot (0.3.3)
    rack (1.5.2)
    rack-test (0.6.2)
      rack (>= 1.0)
    rake (10.0.3)
    rdoc (3.12.2)
      json (~> 1.4)
    rspec (2.13.0)
      rspec-core (~> 2.13.0)
      rspec-expectations (~> 2.13.0)
      rspec-mocks (~> 2.13.0)
    rspec-core (2.13.0)
    rspec-expectations (2.13.0)
      diff-lcs (>= 1.1.3, < 2.0)
    rspec-mocks (2.13.0)
    shoulda (3.3.2)
      shoulda-context (~> 1.0.1)
      shoulda-matchers (~> 1.4.1)
    shoulda-context (1.0.2)
    shoulda-matchers (1.4.2)
      activesupport (>= 3.0.0)
      bourne (~> 1.1.2)
    simplecov (0.7.1)
      multi_json (~> 1.0)
      simplecov-html (~> 0.7.1)
    simplecov-html (0.7.1)
    sprockets (2.9.0)
      hike (~> 1.2)
      multi_json (~> 1.0)
      rack (~> 1.0)
      tilt (~> 1.1, != 1.3.0)
    sprockets-rails (2.0.0.rc3)
      actionpack (>= 3.0)
      activesupport (>= 3.0)
      sprockets (~> 2.8)
    thor (0.17.0)
    thread_safe (0.1.0)
      atomic
    tilt (1.3.4)
    treetop (1.4.12)
      polyglot
      polyglot (>= 0.3.1)
    tzinfo (0.3.36)

PLATFORMS
  ruby

DEPENDENCIES
  bundler (>= 1.1.0)
  concerned (~> 0.1.3)
  cutter (~> 0.8.2)
  database_cleaner (>= 0.8)
  delorean (~> 1.1.1)
  factory_girl
  fakeweb
  ffaker (>= 1.14)
  geocoder
  gmaps4rails (>= 2.0.0.pre)!
  hashie (~> 1.2)
  jeweler (>= 1.8.4)
  mongoid (>= 4)!
  mongoid_geospatial
  mongoid_indexing (~> 0.1.2)
  rails (>= 4.0.0.beta1)!
  rdoc (>= 3.1)
  rspec (>= 2.12.0)
  shoulda
  shoulda-matchers
  simplecov (>= 0.5)
  sugar-high (~> 0.7.3)!
